GEM
  remote: https://rubygems.org/
  specs:
    addressable (2.5.0)
      public_suffix (~> 2.0, >= 2.0.2)
    crack (0.4.3)
      safe_yaml (~> 1.0.0)
    domain_name (0.5.20170223)
      unf (>= 0.0.5, < 1.0.0)
    hashdiff (0.3.2)
    http (2.2.1)
      addressable (~> 2.3)
      http-cookie (~> 1.0)
      http-form_data (~> 1.0.1)
      http_parser.rb (~> 0.6.0)
    http-cookie (1.0.3)
      domain_name (~> 0.5)
    http-form_data (1.0.1)
    http_parser.rb (0.6.0)
    minitest (5.10.1)
    minitest-rg (5.2.0)
      minitest (~> 5.0)
    public_suffix (2.0.5)
    rake (12.0.0)
    safe_yaml (1.0.4)
    unf (0.1.4)
      unf_ext
    unf_ext (0.0.7.2)
    vcr (3.0.3)
    webmock (2.3.2)
      addressable (>= 2.3.6)
      crack (>= 0.3.2)
      hashdiff

PLATFORMS
  ruby

DEPENDENCIES
  http
  minitest
  minitest-rg
  rake
  vcr
  webmock

BUNDLED WITH
   1.14.5
