GEM
  remote: https://rubygems.org/
  specs:
    addressable (2.5.2)
      public_suffix (>= 2.0.2, < 4.0)
    csv (3.0.0)
    domain_name (0.5.20180417)
      unf (>= 0.0.5, < 1.0.0)
    econfig (2.0.0)
    ffi (1.9.25)
    http (3.3.0)
      addressable (~> 2.3)
      http-cookie (~> 1.0)
      http-form_data (~> 2.0)
      http_parser.rb (~> 0.6.0)
    http-cookie (1.0.3)
      domain_name (~> 0.5)
    http-form_data (2.1.1)
    http_parser.rb (0.6.0)
    json (2.1.0)
    kiba (2.0.0)
    pg (1.0.0)
    public_suffix (3.0.2)
    rake (12.3.1)
    rbnacl (5.0.0)
      ffi
    redis (4.0.1)
    redis-queue (0.1.0)
      redis (>= 3.3.5, < 5)
    sequel (5.9.0)
    unf (0.1.4)
      unf_ext
    unf_ext (0.0.7.5)

PLATFORMS
  ruby

DEPENDENCIES
  csv!
  econfig!
  http!
  json!
  kiba!
  pg!
  rake!
  rbnacl!
  redis-queue!
  sequel!

BUNDLED WITH
   1.16.2
